ObjectType = Image
NDims = 2
BinaryData = True
BinaryDataByteOrderMSB = False
CompressedData = False
TransformMatrix = 1 0 0 1
Offset = 0 0
CenterOfRotation = 0 0
ElementSpacing = 0.070000000298023224 0.070000000298023224
DimSize = 2560 3328
AnatomicalOrientation = ??
ElementType = MET_USHORT
ElementDataFile = raw_mammography.raw
